GEM
  remote: https://rubygems.org/
  specs:
    bubble-wrap (1.4.0)
    motion-settings-bundle (0.2.0)
      plist (~> 3.1.0)
    plist (3.1.0)
    rake (10.0.3)
    sugarcube (1.3.11)

PLATFORMS
  ruby

DEPENDENCIES
  bubble-wrap (~> 1.4.0)
  motion-settings-bundle
  rake
  sugarcube
